GEM
  remote: https://rubygems.org/
  specs:
    concurrent-ruby (1.1.5)
    et-orbi (1.2.2)
      tzinfo
    fugit (1.3.3)
      et-orbi (~> 1.1, >= 1.1.8)
      raabro (~> 1.1)
    json (2.2.0)
    jwt (2.2.1)
    mustermann (1.0.3)
    nexmo (6.1.0)
      jwt (~> 2)
      zeitwerk (~> 2)
    nio4r (2.5.2)
    puma (4.3.0)
      nio4r (~> 2.0)
    raabro (1.1.6)
    rack (2.0.7)
    rack-conneg (0.1.6)
      rack (>= 1.0)
    rack-protection (2.0.7)
      rack
    rufus-scheduler (3.6.0)
      fugit (~> 1.1, >= 1.1.6)
    sinatra (2.0.7)
      mustermann (~> 1.0)
      rack (~> 2.0)
      rack-protection (= 2.0.7)
      tilt (~> 2.0)
    tilt (2.0.10)
    tzinfo (2.0.0)
      concurrent-ruby (~> 1.0)
    zeitwerk (2.2.2)

PLATFORMS
  ruby

DEPENDENCIES
  json
  nexmo
  puma
  rack-conneg
  rufus-scheduler
  sinatra

BUNDLED WITH
   1.17.3
